GEM
  remote: https://rubygems.org/
  specs:
    ast (2.4.1)
    parallel (1.19.2)
    parser (2.7.2.0)
      ast (~> 2.4.1)
    power_assert (1.1.7)
    rainbow (3.0.0)
    rake (13.0.1)
    regexp_parser (1.8.2)
    rexml (3.2.3)
    rubocop (1.0.0)
      parallel (~> 1.10)
      parser (>= 2.7.1.5)
      rainbow (>= 2.2.2, < 4.0)
      regexp_parser (>= 1.8)
      rexml
      rubocop-ast (>= 0.6.0)
      ruby-progressbar (~> 1.7)
      unicode-display_width (>= 1.4.0, < 2.0)
    rubocop-ast (1.0.1)
      parser (>= 2.7.1.5)
    ruby-progressbar (1.10.1)
    test-unit (3.3.4)
      power_assert
    unicode-display_width (1.7.0)

PLATFORMS
  x64-mingw32

DEPENDENCIES
  rake
  rubocop
  test-unit

BUNDLED WITH
   2.1.4
